GEM
  remote: https://rubygems.org/
  specs:
    accept_values_for (0.7.2)
      activemodel (>= 3, < 5)
      rspec (>= 2.0, < 4.0)
    actionmailer (3.2.12)
      actionpack (= 3.2.12)
      mail (~> 2.4.4)
    actionpack (3.2.12)
      activemodel (= 3.2.12)
      activesupport (= 3.2.12)
      builder (~> 3.0.0)
      erubis (~> 2.7.0)
      journey (~> 1.0.4)
      rack (~> 1.4.5)
      rack-cache (~> 1.2)
      rack-test (~> 0.6.1)
      sprockets (~> 2.2.1)
    activemodel (3.2.12)
      activesupport (= 3.2.12)
      builder (~> 3.0.0)
    activerecord (3.2.12)
      activemodel (= 3.2.12)
      activesupport (= 3.2.12)
      arel (~> 3.0.2)
      tzinfo (~> 0.3.29)
    activerecord-sqlserver-adapter (3.2.18)
      activerecord (~> 3.2.0)
    activeresource (3.2.12)
      activemodel (= 3.2.12)
      activesupport (= 3.2.12)
    activesupport (3.2.12)
      i18n (~> 0.6)
      multi_json (~> 1.0)
    acts_as_audited (2.0.0)
      rails (>= 3.0.3)
    acts_as_xlsx (1.0.6)
      activerecord (>= 2.3.9)
      axlsx (>= 1.0.13)
      i18n (>= 0.4.1)
    american_date (1.3.0)
    arel (3.0.3)
    ast (2.4.2)
    axlsx (2.0.1)
      htmlentities (~> 4.3.1)
      nokogiri (>= 1.4.1)
      rubyzip (~> 1.0.0)
    axlsx_rails (0.5.2)
      actionpack (>= 3.1)
      axlsx (>= 2.0.1)
    bcrypt (3.1.20)
    bcrypt-ruby (3.1.5)
      bcrypt (>= 3.1.3)
    bootstrap-sass (2.1.1.0)
    builder (3.0.4)
    cancan (1.6.10)
    capistrano (2.14.2)
      highline
      net-scp (>= 1.0.0)
      net-sftp (>= 2.0.0)
      net-ssh (>= 2.0.14)
      net-ssh-gateway (>= 1.1.0)
    capistrano-ext (1.2.1)
      capistrano (>= 1.0.0)
    chronic (0.6.7)
    coderay (1.1.3)
    coffee-rails (3.2.2)
      coffee-script (>= 2.2.0)
      railties (~> 3.2.0)
    coffee-script (2.4.1)
      coffee-script-source
      execjs
    coffee-script-source (1.12.2)
    columnize (0.9.0)
    concurrent-ruby (1.1.9)
    cssbuttongenerator-css-rails (1.0.5)
      railties (>= 3.1)
    database_cleaner (1.99.0)
    debugger (1.6.8)
      columnize (>= 0.3.1)
      debugger-linecache (~> 1.2.0)
      debugger-ruby_core_source (~> 1.3.5)
    debugger-linecache (1.2.0)
    debugger-ruby_core_source (1.3.8)
    devise (1.5.3)
      bcrypt-ruby (~> 3.0)
      orm_adapter (~> 0.0.3)
      warden (~> 1.1)
    diff-lcs (1.5.1)
    docile (1.3.5)
    enableplaceholder-jquery-rails (1.2.2.1)
      railties (~> 3.1)
    erubis (2.7.0)
    execjs (2.7.0)
    fail-fast (1.1.0)
    font-awesome-rails (4.7.0.8)
      railties (>= 3.2, < 8.0)
    github-css-rails (1.1.4)
      railties (>= 3.1)
    haml (4.0.7)
      tilt
    highline (2.0.3)
    hike (1.2.3)
    htmlentities (4.3.4)
    i18n (0.9.5)
      concurrent-ruby (~> 1.0)
    journey (1.0.4)
    jqgrid-jquery-rails (4.2.0.0)
      jquery-rails
      jquery-ui-rails
      railties (~> 3.1)
    jquery-rails (1.0.19)
      railties (~> 3.0)
      thor (~> 0.14)
    jquery-ui-rails (4.0.5)
      railties (>= 3.1.0)
    json (1.8.6)
    logger-jquery-rails (1.2.0.3)
      railties (~> 3.1)
    machinist (2.0)
    mail (2.4.4)
      i18n (>= 0.4.0)
      mime-types (~> 1.16)
      treetop (~> 1.4.8)
    method_source (0.8.2)
    mime-types (1.25.1)
    mini_portile2 (2.1.0)
    mocha (0.9.12)
    multi_json (1.15.0)
    mysql2 (0.3.21)
    net-scp (4.0.0)
      net-ssh (>= 2.6.5, < 8.0.0)
    net-sftp (2.1.2)
      net-ssh (>= 2.6.5)
    net-ssh (2.9.4)
    net-ssh-gateway (1.3.0)
      net-ssh (>= 2.6.5)
    nokogiri (1.6.8.1)
      mini_portile2 (~> 2.1.0)
    orm_adapter (0.0.7)
    parser (2.4.0.2)
      ast (~> 2.3)
    polyglot (0.3.5)
    powerpack (0.1.3)
    pry (0.10.4)
      coderay (~> 1.1.0)
      method_source (~> 0.8.1)
      slop (~> 3.4)
    pry-debugger (0.2.3)
      debugger (~> 1.3)
      pry (>= 0.9.10, < 0.11.0)
    qtip2-jquery-rails (2.1.1.5)
      railties (~> 3.1)
    rack (1.4.7)
    rack-cache (1.7.1)
      rack (>= 0.4)
    rack-ssl (1.3.4)
      rack
    rack-test (0.6.3)
      rack (>= 1.0)
    rails (3.2.12)
      actionmailer (= 3.2.12)
      actionpack (= 3.2.12)
      activerecord (= 3.2.12)
      activeresource (= 3.2.12)
      activesupport (= 3.2.12)
      bundler (~> 1.0)
      railties (= 3.2.12)
    railties (3.2.12)
      actionpack (= 3.2.12)
      activesupport (= 3.2.12)
      rack-ssl (~> 1.3.2)
      rake (>= 0.8.7)
      rdoc (~> 3.4)
      thor (>= 0.14.6, < 2.0)
    rainbow (2.2.2)
      rake
    rake (12.2.1)
    rdoc (3.12.2)
      json (~> 1.4)
    redcarpet (3.6.0)
    rinruby (2.0.3)
    rspec (3.9.0)
      rspec-core (~> 3.9.0)
      rspec-expectations (~> 3.9.0)
      rspec-mocks (~> 3.9.0)
    rspec-core (3.9.3)
      rspec-support (~> 3.9.3)
    rspec-expectations (3.9.4)
      diff-lcs (>= 1.2.0, < 2.0)
      rspec-support (~> 3.9.0)
    rspec-mocks (3.9.1)
      diff-lcs (>= 1.2.0, < 2.0)
      rspec-support (~> 3.9.0)
    rspec-rails (3.9.1)
      actionpack (>= 3.0)
      activesupport (>= 3.0)
      railties (>= 3.0)
      rspec-core (~> 3.9.0)
      rspec-expectations (~> 3.9.0)
      rspec-mocks (~> 3.9.0)
      rspec-support (~> 3.9.0)
    rspec-support (3.9.4)
    rubocop (0.41.2)
      parser (>= 2.3.1.1, < 3.0)
      powerpack (~> 0.1)
      rainbow (>= 1.99.1, < 3.0)
      ruby-progressbar (~> 1.7)
      unicode-display_width (~> 1.0, >= 1.0.1)
    ruby-prof (0.18.0)
    ruby-progressbar (1.13.0)
    ruby_parser (2.0.6)
      sexp_processor (~> 3.0)
    rubyzip (1.0.0)
    sass (3.1.12)
    sass-rails (3.2.6)
      railties (~> 3.2.0)
      sass (>= 3.1.10)
      tilt (~> 1.3)
    select2-rails (4.0.13)
    sexp_processor (3.2.0)
    shoulda-matchers (2.8.0)
      activesupport (>= 3.0.0)
    simple_form (2.1.3)
      actionpack (~> 3.0)
      activemodel (~> 3.0)
    simplecov (0.16.1)
      docile (~> 1.1)
      json (>= 1.8, < 3)
      simplecov-html (~> 0.10.0)
    simplecov-html (0.10.2)
    slop (3.6.0)
    sprockets (2.2.3)
      hike (~> 1.2)
      multi_json (~> 1.0)
      rack (~> 1.0)
      tilt (~> 1.1, != 1.3.0)
    tablecloth-rails (1.0.102)
      railties (>= 3.1)
    the1kbgrid-css-rails (1.1.3)
      railties (>= 3.1)
    thor (0.20.3)
    tilt (1.4.1)
    timecop (0.3.5)
    timeliness (0.3.10)
    treetop (1.4.15)
      polyglot
      polyglot (>= 0.3.1)
    tzinfo (0.3.62)
    uglifier (1.2.7)
      execjs (>= 0.3.0)
      multi_json (~> 1.3)
    underscore-rails (1.8.3)
    unicode-display_width (1.8.0)
    validates_timeliness (3.0.15)
      timeliness (~> 0.3.7)
    warden (1.2.7)
      rack (>= 1.0)
    whenever (0.7.3)
      activesupport (>= 2.3.4)
      chronic (~> 0.6.3)
    wicked_pdf (1.4.0)
      activesupport
    will_paginate (3.2.1)
    wkhtmltopdf-binary (0.12.6.7)
    yui-compressor (0.12.0)

PLATFORMS
  ruby

DEPENDENCIES
  accept_values_for
  activerecord-sqlserver-adapter
  acts_as_audited (~> 2.0.0.rc7)
  acts_as_xlsx
  american_date
  arel (~> 3.0.2)
  axlsx_rails
  bootstrap-sass
  builder (~> 3.0.0)
  bundler (= 1.17.3)
  cancan (~> 1.6.7)
  capistrano (~> 2.14.1)
  capistrano-ext (~> 1.2.1)
  coffee-rails (~> 3.2.2)
  cssbuttongenerator-css-rails (~> 1.0.1)
  database_cleaner
  devise (= 1.5.3)
  enableplaceholder-jquery-rails (~> 1.2.2.1)
  execjs (~> 2.7.0)
  fail-fast (~> 1.1.0)
  font-awesome-rails
  github-css-rails (~> 1.1)
  haml (~> 4.0.3)
  jqgrid-jquery-rails (~> 4.2.0)
  jquery-rails (~> 1.0.19)
  jquery-ui-rails (~> 4.0.4)
  json (~> 1.8.6)
  logger-jquery-rails (~> 1.2.0.3)
  machinist (~> 2.0)
  mocha (~> 0.9.12)
  mysql2 (~> 0.3.11)
  nokogiri (~> 1.6.8.1)
  pry-debugger
  qtip2-jquery-rails (~> 2.1.1.5)
  rails (= 3.2.12)
  redcarpet
  rinruby (~> 2.0.1)
  rspec-rails
  rubocop
  ruby-prof
  ruby_parser (~> 2.0.5)
  sass (= 3.1.12)
  sass-rails (~> 3.2.4)
  select2-rails
  shoulda-matchers
  simple_form
  simplecov (~> 0.16.1)
  tablecloth-rails (~> 1.0.1)
  the1kbgrid-css-rails (~> 1.1)
  timecop (~> 0.3.5)
  uglifier (~> 1.2.3)
  underscore-rails
  validates_timeliness (~> 3.0.3)
  whenever (~> 0.7.3)
  wicked_pdf
  will_paginate (~> 3.0.pre2)
  wkhtmltopdf-binary
  yui-compressor

BUNDLED WITH
   1.17.3
